PATH
  remote: .
  specs:
    avm (0.1.0)
      exiftool_vendored

GEM
  remote: https://rubygems.org/
  specs:
    diff-lcs (1.5.0)
    exiftool (1.2.4)
      json
    exiftool_vendored (12.63.0)
      exiftool (>= 0.7.0)
    json (2.6.3)
    rake (12.3.3)
    rspec (3.12.0)
      rspec-core (~> 3.12.0)
      rspec-expectations (~> 3.12.0)
      rspec-mocks (~> 3.12.0)
    rspec-core (3.12.2)
      rspec-support (~> 3.12.0)
    rspec-expectations (3.12.3)
      diff-lcs (>= 1.2.0, < 2.0)
      rspec-support (~> 3.12.0)
    rspec-mocks (3.12.6)
      diff-lcs (>= 1.2.0, < 2.0)
      rspec-support (~> 3.12.0)
    rspec-support (3.12.1)

PLATFORMS
  ruby

DEPENDENCIES
  avm!
  rake (~> 12.0)
  rspec (~> 3.0)

BUNDLED WITH
   2.1.4
